NUGET
  remote: http://www.nuget.org/api/v2
  specs:
    BenchShark (1.0.0)
    ConsoleDump (0.6.0.1)
    FAKE (3.28.0)
    FSharp.Compiler.Service (0.0.86)
    FSharp.Core (3.1.2.1)
    FSharp.Formatting (2.8.0)
      FSharp.Compiler.Service (>= 0.0.86)
      FSharpVSPowerTools.Core (>= 1.7.0)
    FSharpVSPowerTools.Core (1.7.0)
      FSharp.Compiler.Service (>= 0.0.81)
    FsUnit (1.3.0.1)
      NUnit (>= 2.6.3)
    MathNet.Numerics (3.0.0)
    NuGet.CommandLine (2.8.5)
    NUnit (2.6.4)
    NUnit.Runners (2.6.4)
    TaskParallelLibrary (1.0.2856)
